GEM
  remote: https://rubygems.org/
  specs:
    breakpoint (2.5.0)
      sass (~> 3.3)
      sassy-maps (< 1.0.0)
    chunky_png (1.3.5)
    compass (0.13.alpha.12)
      chunky_png (~> 1.2)
      json
      listen (~> 1.1.0)
      sass (~> 3.3.0.rc.1)
    ffi (1.9.10)
    haml (4.0.7)
      tilt
    json (1.8.3)
    listen (1.1.6)
      rb-fsevent (>= 0.9.3)
      rb-inotify (>= 0.9)
      rb-kqueue (>= 0.2)
    rb-fsevent (0.9.6)
    rb-inotify (0.9.5)
      ffi (>= 0.5.0)
    rb-kqueue (0.2.4)
      ffi (>= 0.5.0)
    sass (3.3.14)
    sass-css-importer (1.0.0.beta.0)
      sass (>= 3.1)
    sassy-maps (0.4.0)
      sass (~> 3.3)
    susy (2.2.6)
      sass (>= 3.3.0, < 3.5)
    tilt (2.0.1)

PLATFORMS
  ruby

DEPENDENCIES
  breakpoint (~> 2.4)
  compass (~> 0.12.alpha)
  haml (~> 4.0)
  sass-css-importer (~> 1.0.0.beta)
  susy (~> 2.1)

BUNDLED WITH
   1.10.6
